GEM
  remote: https://rubygems.org/
  specs:
    addressable (2.3.8)
    ansi (1.5.0)
    ast (2.1.0)
    backports (3.6.6)
    crack (0.4.2)
      safe_yaml (~> 1.0.0)
    dalli (2.7.4)
    foreman (0.78.0)
      thor (~> 0.19.1)
    hashdiff (0.2.2)
    minitest (5.8.1)
    multi_json (1.11.2)
    oga (1.3.1)
      ast
      ruby-ll (~> 2.1)
    rack (1.6.4)
    rack-protection (1.5.3)
      rack
    rack-test (0.6.3)
      rack (>= 1.0)
    rake (10.4.2)
    ruby-ll (2.1.2)
      ansi
      ast
    safe_yaml (1.0.4)
    sinatra (1.4.6)
      rack (~> 1.4)
      rack-protection (~> 1.4)
      tilt (>= 1.3, < 3)
    sinatra-contrib (1.4.6)
      backports (>= 2.0)
      multi_json
      rack-protection
      rack-test
      sinatra (~> 1.4.0)
      tilt (>= 1.3, < 3)
    thor (0.19.1)
    tilt (2.0.1)
    webmock (1.22.1)
      addressable (>= 2.3.6)
      crack (>= 0.3.2)
      hashdiff

PLATFORMS
  ruby

DEPENDENCIES
  dalli
  foreman
  minitest
  oga
  rake
  sinatra
  sinatra-contrib
  webmock

BUNDLED WITH
   1.10.6
